PATH
  remote: .
  specs:
    google_alerts (0.0.0)
      nokogiri
      rspec

GEM
  remote: https://rubygems.org/
  specs:
    diff-lcs (1.1.3)
    nokogiri (1.5.3)
    rspec (2.10.0)
      rspec-core (~> 2.10.0)
      rspec-expectations (~> 2.10.0)
      rspec-mocks (~> 2.10.0)
    rspec-core (2.10.1)
    rspec-expectations (2.10.0)
      diff-lcs (~> 1.1.3)
    rspec-mocks (2.10.1)

PLATFORMS
  ruby

DEPENDENCIES
  google_alerts!
